GIT
  remote: https://github.com/higanworks/test-kitchen.git
  revision: 15808f25c3962d381af6d4cd31455546eb301102
  ref: provisioner_chef_apply
  specs:
    test-kitchen (1.3.2.dev)
      mixlib-shellout (>= 1.2, < 3.0)
      net-scp (~> 1.1)
      net-ssh (~> 2.7)
      safe_yaml (~> 1.0)
      thor (~> 0.18)

GEM
  remote: https://rubygems.org/
  specs:
    kitchen-itamae (0.2.2)
      test-kitchen
    kitchen-vagrant (0.15.0)
      test-kitchen (~> 1.0)
    mixlib-shellout (2.0.1)
    net-scp (1.2.1)
      net-ssh (>= 2.6.5)
    net-ssh (2.9.2)
    safe_yaml (1.0.4)
    thor (0.19.1)

PLATFORMS
  ruby

DEPENDENCIES
  kitchen-itamae
  kitchen-vagrant
  test-kitchen!
